GEM
  remote: https://rubygems.org/
  specs:
    airbrussh (1.3.1)
      sshkit (>= 1.6.1, != 1.7.0)
    capistrano (3.11.0)
      airbrussh (>= 1.0.0)
      i18n
      rake (>= 10.0.0)
      sshkit (>= 1.9.0)
    capistrano-composer (0.0.6)
      capistrano (>= 3.0.0.pre)
    capistrano-wpcli (0.1.4)
      capistrano (~> 3.6)
      sshkit (~> 1.11)
    concurrent-ruby (1.1.4)
    i18n (1.6.0)
      concurrent-ruby (~> 1.0)
    net-scp (1.2.1)
      net-ssh (>= 2.6.5)
    net-ssh (5.1.0)
    rake (12.3.2)
    sshkit (1.18.2)
      net-scp (>= 1.1.2)
      net-ssh (>= 2.8.0)

PLATFORMS
  ruby
  x64-mingw32

DEPENDENCIES
  capistrano
  capistrano-composer
  capistrano-wpcli

BUNDLED WITH
   2.0.1
